GEM
  remote: https://rubygems.org/
  specs:
    webrick (1.7.0)

PLATFORMS
  x86_64-linux

DEPENDENCIES
  webrick

RUBY VERSION
   ruby 3.1.1p18

BUNDLED WITH
   2.3.7
